GEM
  remote: http://rubygems.org/
  specs:
    coffee-script (2.2.0)
      coffee-script-source
      execjs
    coffee-script-source (1.1.1)
    execjs (1.2.0)
      multi_json (~> 1.0)
    haml (3.1.2)
    libv8 (3.3.10.2)
    multi_json (1.0.3)
    rake (0.8.7)
    sass (3.1.3)
    therubyracer (0.9.2)
      libv8 (~> 3.3.10)

PLATFORMS
  ruby

DEPENDENCIES
  coffee-script
  haml
  rake (= 0.8.7)
  sass
  therubyracer
